GIT
  remote: git://github.com/collectiveidea/delayed_job.git
  revision: aba9905764c2a13a110a272137d1ad9798fd55e0
  specs:
    delayed_job (2.1.0.pre2)
      activesupport (~> 3.0)
      daemons

GIT
  remote: git://github.com/lysenko/rails.git
  revision: ce0faac7d15c32ee6fdb57ee64379c4925014253
  branch: 3-0-1-security
  specs:
    actionmailer (3.0.1)
      actionpack (= 3.0.1)
      mail (~> 2.2.5)
    actionpack (3.0.1)
      activemodel (= 3.0.1)
      activesupport (= 3.0.1)
      builder (~> 2.1.2)
      erubis (~> 2.6.6)
      i18n (~> 0.4.1)
      rack (~> 1.2.1)
      rack-mount (~> 0.6.12)
      rack-test (~> 0.5.4)
      tzinfo (~> 0.3.23)
    activemodel (3.0.1)
      activesupport (= 3.0.1)
      builder (~> 2.1.2)
      i18n (~> 0.4.1)
    activerecord (3.0.1)
      activemodel (= 3.0.1)
      activesupport (= 3.0.1)
      arel (~> 1.0.0)
      tzinfo (~> 0.3.23)
    activeresource (3.0.1)
      activemodel (= 3.0.1)
      activesupport (= 3.0.1)
    activesupport (3.0.1)
    rails (3.0.1)
      actionmailer (= 3.0.1)
      actionpack (= 3.0.1)
      activerecord (= 3.0.1)
      activeresource (= 3.0.1)
      activesupport (= 3.0.1)
      bundler (~> 1.0.0)
      railties (= 3.0.1)
    railties (3.0.1)
      actionpack (= 3.0.1)
      activesupport (= 3.0.1)
      rake (>= 0.8.4)
      thor (~> 0.14.0)

GIT
  remote: http://github.com/rails/exception_notification.git
  revision: 192a49a02d63d28b23ed41cebadfedd490929cf1
  specs:
    exception_notification (1.0.0)

GEM
  remote: http://rubygems.org/
  specs:
    RedCloth (4.2.3)
    ZenTest (4.4.0)
    abstract (1.0.0)
    acts_as_list (0.1.2)
    acts_as_tree (0.1.1)
    arel (1.0.1)
      activesupport (~> 3.0.0)
    autotest (4.4.2)
    autotest-rails (4.1.0)
      ZenTest
    builder (2.1.2)
    capybara (0.4.0)
      celerity (>= 0.7.9)
      culerity (>= 0.2.4)
      mime-types (>= 1.16)
      nokogiri (>= 1.3.3)
      rack (>= 1.0.0)
      rack-test (>= 0.5.4)
      selenium-webdriver (>= 0.0.27)
      xpath (~> 0.1.2)
    celerity (0.8.2)
    childprocess (0.1.3)
      ffi (~> 0.6.3)
    columnize (0.3.1)
    configuration (1.1.0)
    cucumber (0.9.3)
      builder (~> 2.1.2)
      diff-lcs (~> 1.1.2)
      gherkin (~> 2.2.9)
      json (~> 1.4.6)
      term-ansicolor (~> 1.0.5)
    cucumber-rails (0.3.2)
      cucumber (>= 0.8.0)
    culerity (0.2.12)
    daemons (1.1.0)
    database_cleaner (0.6.0)
    diff-lcs (1.1.2)
    dynamic_form (1.1.3)
    erubis (2.6.6)
      abstract (>= 1.0.0)
    faker (0.3.1)
    fastercsv (1.5.3)
    ffi (0.6.3)
      rake (>= 0.8.7)
    gchartrb (0.8)
    gherkin (2.2.9)
      json (~> 1.4.6)
      term-ansicolor (~> 1.0.5)
    i18n (0.4.2)
    icalendar (1.1.5)
    json (1.4.6)
    json_pure (1.4.6)
    launchy (0.3.7)
      configuration (>= 0.0.5)
      rake (>= 0.8.1)
    linecache (0.43)
    machinist (1.0.6)
    mail (2.2.9)
      activesupport (>= 2.3.6)
      i18n (~> 0.4.1)
      mime-types (~> 1.16)
      treetop (~> 1.4.8)
    mime-types (1.16)
    mysql2 (0.2.6)
    nokogiri (1.4.3.1)
    paperclip (2.3.5)
      activerecord
      activesupport
    polyglot (0.3.1)
    rack (1.2.1)
    rack-mount (0.6.13)
      rack (>= 1.0.0)
    rack-test (0.5.6)
      rack (>= 1.0)
    rake (0.8.7)
    remotipart (0.1.1)
    rspec (2.0.1)
      rspec-core (~> 2.0.1)
      rspec-expectations (~> 2.0.1)
      rspec-mocks (~> 2.0.1)
    rspec-core (2.0.1)
    rspec-expectations (2.0.1)
      diff-lcs (>= 1.1.2)
    rspec-mocks (2.0.1)
      rspec-core (~> 2.0.1)
      rspec-expectations (~> 2.0.1)
    rspec-rails (2.0.1)
      rspec (~> 2.0.0)
    ruby-debug (0.10.3)
      columnize (>= 0.1)
      ruby-debug-base (~> 0.10.3.0)
    ruby-debug-base (0.10.3)
      linecache (>= 0.3)
    rubyzip (0.9.4)
    selenium-webdriver (0.0.29)
      childprocess (>= 0.0.7)
      ffi (~> 0.6.3)
      json_pure
      rubyzip
    shoulda (2.11.3)
    smurf (1.0.4)
    term-ansicolor (1.0.5)
    test-unit (2.1.1)
    thor (0.14.3)
    treetop (1.4.8)
      polyglot (>= 0.3.1)
    tzinfo (0.3.23)
    will_paginate (3.0.pre2)
    xpath (0.1.2)
      nokogiri (~> 1.3)

PLATFORMS
  ruby

DEPENDENCIES
  RedCloth (= 4.2.3)
  ZenTest
  acts_as_list
  acts_as_tree
  autotest
  autotest-rails
  capybara (>= 0.4.0.rc)
  cucumber (>= 0.8.5)
  cucumber-rails (>= 0.3.2)
  daemons (= 1.1.0)
  database_cleaner (>= 0.6.0.rc.2)
  delayed_job!
  dynamic_form
  exception_notification!
  faker
  fastercsv
  gchartrb (>= 0.8)
  icalendar (>= 1.1.5)
  json
  launchy
  machinist (= 1.0.6)
  mysql2 (>= 0.2.3)
  paperclip (>= 2.3.3)
  rails!
  remotipart
  rspec
  rspec-rails (>= 2.0.0)
  ruby-debug
  shoulda (= 2.11.3)
  smurf
  test-unit
  tzinfo
  will_paginate (>= 3.0pre2)
